GEM
  remote: https://rubygems.org/
  specs:
    json (2.1.0)
    mini_portile2 (2.3.0)
    nokogiri (1.8.2)
      mini_portile2 (~> 2.3.0)

PLATFORMS
  ruby

DEPENDENCIES
  json (~> 2.1)
  nokogiri (~> 1.8)

RUBY VERSION
   ruby 2.5.0p0

BUNDLED WITH
   1.16.1
